GEM
  remote: https://rubygems.org/
  specs:
    aws-sdk-core (2.5.11)
      jmespath (~> 1.0)
    jmespath (1.3.1)
    rack (1.6.5)
    rack-protection (1.5.3)
      rack
    shotgun (0.9.2)
      rack (>= 1.0)
    sinatra (1.4.7)
      rack (~> 1.5)
      rack-protection (~> 1.4)
      tilt (>= 1.3, < 3)
    tilt (2.0.5)

PLATFORMS
  ruby

DEPENDENCIES
  aws-sdk-core
  shotgun
  sinatra

BUNDLED WITH
   1.12.1
